GEM
  remote: https://rubygems.org/
  specs:
    json (2.1.0)
    mini_portile2 (2.4.0)
    nokogiri (1.10.1)
      mini_portile2 (~> 2.4.0)

PLATFORMS
  ruby

DEPENDENCIES
  json
  nokogiri

RUBY VERSION
   ruby 2.5.1p57

BUNDLED WITH
   2.0.1
